GEM
  remote: http://rubygems.org/
  specs:
    byebug (11.1.3)
    httpclient (2.8.3)
    rack (3.0.8)
    rackup (2.1.0)
      rack (>= 3)
      webrick (~> 1.8)
    webrick (1.8.1)

PLATFORMS
  aarch64-linux-musl
  arm64-darwin-22

DEPENDENCIES
  byebug (~> 11.1, >= 11.1.3)
  httpclient (~> 2.8, >= 2.8.3)
  rackup (~> 2.1)

BUNDLED WITH
   2.3.26
